GEM
  remote: http://rubygems.org/
  specs:
    flickraw (0.9.6)
    rack (1.4.1)
    rack-protection (1.2.0)
      rack
    rmagick (2.12.0)
    sass (3.2.1)
    sinatra (1.3.3)
      rack (~> 1.3, >= 1.3.6)
      rack-protection (~> 1.2)
      tilt (~> 1.3, >= 1.3.3)
    slim (1.3.0)
      temple (~> 0.4.1)
      tilt (~> 1.3.3)
    temple (0.4.1)
    tilt (1.3.3)

PLATFORMS
  ruby

DEPENDENCIES
  flickraw
  rmagick (= 2.12.0)
  sass
  sinatra
  slim
